GEM
  remote: https://rubygems.org/
  specs:
    addressable (2.8.0)
      public_suffix (>= 2.0.2, < 5.0)
    atomic (1.1.101-java)
    concurrent-ruby (1.1.10)
    i18n (1.10.0)
      concurrent-ruby (~> 1.0)
    json-schema (2.8.1)
      addressable (>= 2.4)
    multipart-post (2.1.1)
    net-http-persistent (2.8)
    public_suffix (4.0.6)

PLATFORMS
  universal-java-11

DEPENDENCIES
  addressable
  atomic
  i18n
  json-schema
  multipart-post
  net-http-persistent (= 2.8)

BUNDLED WITH
   2.3.8
